GEM
  remote: https://rubygems.org/
  specs:
    addressable (2.2.7)
    heroku (2.24.1)
      launchy (>= 0.3.2)
      netrc (~> 0.7.1)
      rest-client (~> 1.6.1)
      rubyzip
    launchy (2.1.0)
      addressable (~> 2.2.6)
    mime-types (1.18)
    netrc (0.7.1)
    rest-client (1.6.7)
      mime-types (>= 1.16)
    right_aws (3.0.4)
      right_http_connection (>= 1.2.5)
    right_http_connection (1.3.0)
    rubyzip (0.9.7)

PLATFORMS
  ruby

DEPENDENCIES
  heroku
  right_aws
